GEM
  remote: https://rubygems.org/
  specs:
    rmagick (2.13.4)

PLATFORMS
  ruby

DEPENDENCIES
  rmagick (~> 2.13.1)

BUNDLED WITH
   1.17.3
